GEM
  remote: https://rubygems.org/
  specs:
    unindent (1.0)

PLATFORMS
  ruby

DEPENDENCIES
  unindent
